GEM
  remote: http://rubygems.org/
  specs:
    actionmailer (4.0.0)
      actionpack (= 4.0.0)
      mail (~> 2.5.3)
    actionpack (4.0.0)
      activesupport (= 4.0.0)
      builder (~> 3.1.0)
      erubis (~> 2.7.0)
      rack (~> 1.5.2)
      rack-test (~> 0.6.2)
    activemodel (4.0.0)
      activesupport (= 4.0.0)
      builder (~> 3.1.0)
    activerecord (4.0.0)
      activemodel (= 4.0.0)
      activerecord-deprecated_finders (~> 1.0.2)
      activesupport (= 4.0.0)
      arel (~> 4.0.0)
    activerecord-deprecated_finders (1.0.3)
    activesupport (4.0.0)
      i18n (~> 0.6, >= 0.6.4)
      minitest (~> 4.2)
      multi_json (~> 1.3)
      thread_safe (~> 0.1)
      tzinfo (~> 0.3.37)
    arel (4.0.2)
    blankslate (2.1.2.4)
    bloggy (0.3)
      jekyll (~> 1.4.2)
      rack-contrib
      rails
      rdiscount
      rdiscount
      rdiscount
      rdiscount
      rdiscount
      rdiscount
      rdiscount
      rdiscount
      rdiscount
      rdiscount
      rdiscount
      rdiscount
      rdiscount
      rdiscount
      rdiscount
      rdiscount
      rdiscount
    builder (3.1.4)
    classifier (1.3.4)
      fast-stemmer (>= 1.0.0)
    coffee-rails (4.0.1)
      coffee-script (>= 2.2.0)
      railties (>= 4.0.0, < 5.0)
    coffee-script (2.3.0)
      coffee-script-source
      execjs
    coffee-script-source (1.8.0)
    colorator (0.1)
    commander (4.1.6)
      highline (~> 1.6.11)
    commonjs (0.2.7)
    erubis (2.7.0)
    execjs (2.2.1)
    fast-stemmer (1.0.2)
    ffi (1.9.3-x86-mingw32)
    highline (1.6.21)
    hike (1.2.3)
    i18n (0.6.11)
    jbuilder (1.0.2)
      activesupport (>= 3.0.0)
    jekyll (1.4.3)
      classifier (~> 1.3)
      colorator (~> 0.1)
      commander (~> 4.1.3)
      liquid (~> 2.5.5)
      listen (~> 1.3)
      maruku (~> 0.7.0)
      pygments.rb (~> 0.5.0)
      redcarpet (~> 2.3.0)
      safe_yaml (~> 0.9.7)
      toml (~> 0.1.0)
    jquery-rails (3.0.4)
      railties (>= 3.0, < 5.0)
      thor (>= 0.14, < 2.0)
    json (1.8.1)
    less (2.5.1)
      commonjs (~> 0.2.7)
    less-rails (2.5.0)
      actionpack (>= 3.1)
      less (~> 2.5.0)
    less-rails-bootstrap (3.2.0)
      less-rails (~> 2.5.0)
    liquid (2.5.5)
    listen (1.3.1)
      rb-fsevent (>= 0.9.3)
      rb-inotify (>= 0.9)
      rb-kqueue (>= 0.2)
    mail (2.5.4)
      mime-types (~> 1.16)
      treetop (~> 1.4.8)
    maruku (0.7.2)
    mime-types (1.25.1)
    minitest (4.7.5)
    money (6.2.1)
      i18n (>= 0.6.4, <= 0.7.0.dev)
    multi_json (1.10.1)
    parslet (1.5.0)
      blankslate (~> 2.0)
    pg (0.15.1-x86-mingw32)
    polyglot (0.3.5)
    posix-spawn (0.3.9)
    pygments.rb (0.5.4)
      posix-spawn (~> 0.3.6)
      yajl-ruby (~> 1.1.0)
    rack (1.5.2)
    rack-contrib (1.1.0)
      rack (>= 0.9.1)
    rack-test (0.6.2)
      rack (>= 1.0)
    rails (4.0.0)
      actionmailer (= 4.0.0)
      actionpack (= 4.0.0)
      activerecord (= 4.0.0)
      activesupport (= 4.0.0)
      bundler (>= 1.3.0, < 2.0)
      railties (= 4.0.0)
      sprockets-rails (~> 2.0.0)
    rails_12factor (0.0.2)
      rails_serve_static_assets
      rails_stdout_logging
    rails_serve_static_assets (0.0.2)
    rails_stdout_logging (0.0.3)
    railties (4.0.0)
      actionpack (= 4.0.0)
      activesupport (= 4.0.0)
      rake (>= 0.8.7)
      thor (>= 0.18.1, < 2.0)
    rake (10.3.2)
    rb-fsevent (0.9.4)
    rb-inotify (0.9.5)
      ffi (>= 0.5.0)
    rb-kqueue (0.2.3)
      ffi (>= 0.5.0)
    rdiscount (2.1.7.1)
    rdoc (3.12.2)
      json (~> 1.4)
    redcarpet (2.3.0)
    safe_yaml (0.9.7)
    sass (3.4.3)
    sass-rails (4.0.1)
      railties (>= 4.0.0, < 5.0)
      sass (>= 3.1.10)
      sprockets-rails (~> 2.0.0)
    sdoc (0.3.20)
      json (>= 1.1.3)
      rdoc (~> 3.10)
    sprockets (2.12.2)
      hike (~> 1.2)
      multi_json (~> 1.0)
      rack (~> 1.0)
      tilt (~> 1.1, != 1.3.0)
    sprockets-rails (2.0.1)
      actionpack (>= 3.0)
      activesupport (>= 3.0)
      sprockets (~> 2.8)
    sqlite3 (1.3.8-x86-mingw32)
    thor (0.19.1)
    thread_safe (0.3.4)
    tilt (1.4.1)
    toml (0.1.1)
      parslet (~> 1.5.0)
    treetop (1.4.15)
      polyglot
      polyglot (>= 0.3.1)
    turbolinks (1.1.1)
      coffee-rails
    tzinfo (0.3.41)
    uglifier (2.1.1)
      execjs (>= 0.3.0)
      multi_json (~> 1.0, >= 1.0.2)
    yajl-ruby (1.1.0-x86-mingw32)

PLATFORMS
  x86-mingw32

DEPENDENCIES
  bloggy
  coffee-rails (= 4.0.1)
  jbuilder (= 1.0.2)
  jquery-rails (= 3.0.4)
  less-rails-bootstrap
  money
  pg (= 0.15.1)
  rails (= 4.0.0)
  rails_12factor (= 0.0.2)
  sass-rails (= 4.0.1)
  sdoc (= 0.3.20)
  sqlite3 (= 1.3.8)
  turbolinks (= 1.1.1)
  uglifier (= 2.1.1)
